PATH
  remote: .
  specs:
    pg_simulator (0.0.1)
      json (~> 1.8)
      pg
      pg_query (~> 0.5)

GEM
  remote: https://rubygems.org/
  specs:
    diff-lcs (1.2.5)
    json (1.8.2)
    pg (0.18.1)
    pg_query (0.5.0)
      json (~> 1.8)
    rake (10.3.2)
    rspec (2.14.1)
      rspec-core (~> 2.14.0)
      rspec-expectations (~> 2.14.0)
      rspec-mocks (~> 2.14.0)
    rspec-core (2.14.8)
    rspec-expectations (2.14.5)
      diff-lcs (>= 1.1.3, < 2.0)
    rspec-mocks (2.14.6)

PLATFORMS
  ruby

DEPENDENCIES
  pg_simulator!
  rake
  rspec (~> 2.0)
